GEM
  remote: https://rubygems.org/
  specs:
    actionmailer (3.2.9)
      actionpack (= 3.2.9)
      mail (~> 2.4.4)
    actionpack (3.2.9)
      activemodel (= 3.2.9)
      activesupport (= 3.2.9)
      builder (~> 3.0.0)
      erubis (~> 2.7.0)
      journey (~> 1.0.4)
      rack (~> 1.4.0)
      rack-cache (~> 1.2)
      rack-test (~> 0.6.1)
      sprockets (~> 2.2.1)
    activeadmin (0.5.1)
      arbre (>= 1.0.1)
      bourbon (>= 1.0.0)
      devise (>= 1.1.2)
      fastercsv
      formtastic (>= 2.0.0)
      inherited_resources (>= 1.3.1)
      jquery-rails (>= 1.0.0)
      kaminari (>= 0.13.0)
      meta_search (>= 0.9.2)
      rails (>= 3.0.0)
      sass (>= 3.1.0)
    activemodel (3.2.9)
      activesupport (= 3.2.9)
      builder (~> 3.0.0)
    activerecord (3.2.9)
      activemodel (= 3.2.9)
      activesupport (= 3.2.9)
      arel (~> 3.0.2)
      tzinfo (~> 0.3.29)
    activeresource (3.2.9)
      activemodel (= 3.2.9)
      activesupport (= 3.2.9)
    activesupport (3.2.9)
      i18n (~> 0.6)
      multi_json (~> 1.0)
    annotate (2.5.0)
      rake
    arbre (1.0.1)
      activesupport (>= 3.0.0)
    arel (3.0.2)
    aws-ses (0.4.4)
      builder
      mail (> 2.2.5)
      mime-types
      xml-simple
    bcrypt-ruby (3.0.1)
    better_errors (0.3.2)
      coderay (>= 1.0.0)
      erubis (>= 2.7.0)
    binding_of_caller (0.6.8)
    bourbon (3.0.1)
      sass (>= 3.2.0)
      thor
    builder (3.0.4)
    carrierwave (0.7.1)
      activemodel (>= 3.2.0)
      activesupport (>= 3.2.0)
    chronic (0.9.1)
    chunky_png (1.2.6)
    coderay (1.0.8)
    coffee-rails (3.2.2)
      coffee-script (>= 2.2.0)
      railties (~> 3.2.0)
    coffee-script (2.2.0)
      coffee-script-source
      execjs
    coffee-script-source (1.4.0)
    compass (0.12.2)
      chunky_png (~> 1.2)
      fssm (>= 0.2.7)
      sass (~> 3.1)
    compass-rails (1.0.3)
      compass (>= 0.12.2, < 0.14)
    database_cleaner (0.9.1)
    devise (2.1.2)
      bcrypt-ruby (~> 3.0)
      orm_adapter (~> 0.1)
      railties (~> 3.1)
      warden (~> 1.2.1)
    diff-lcs (1.2.4)
    erubis (2.7.0)
    excon (0.16.10)
    execjs (1.4.0)
      multi_json (~> 1.0)
    factory_girl (4.2.0)
      activesupport (>= 3.0.0)
    factory_girl_rails (4.2.1)
      factory_girl (~> 4.2.0)
      railties (>= 3.0.0)
    faker (1.1.2)
      i18n (~> 0.5)
    fastercsv (1.5.5)
    fog (1.8.0)
      builder
      excon (~> 0.14)
      formatador (~> 0.2.0)
      mime-types
      multi_json (~> 1.0)
      net-scp (~> 1.0.4)
      net-ssh (>= 2.1.3)
      nokogiri (~> 1.5.0)
      ruby-hmac
    formatador (0.2.4)
    formtastic (2.2.1)
      actionpack (>= 3.0)
    foundation-icons-rails (0.0.1.2)
      rails (~> 3.0)
      sass
    fssm (0.2.9)
    google-analytics-rails (0.0.3)
    has_scope (0.5.1)
    hike (1.2.1)
    i18n (0.6.1)
    inherited_resources (1.3.1)
      has_scope (~> 0.5.0)
      responders (~> 0.6)
    journey (1.0.4)
    jquery-rails (2.1.4)
      railties (>= 3.0, < 5.0)
      thor (>= 0.14, < 2.0)
    jquery-ui-rails (2.0.2)
      jquery-rails
      railties (>= 3.1.0)
    json (1.7.5)
    jwt (0.1.5)
      multi_json (>= 1.0)
    kaminari (0.14.1)
      actionpack (>= 3.0.0)
      activesupport (>= 3.0.0)
    localtunnel (0.3)
      json (>= 1.2.4)
      net-ssh (>= 2.0.22)
      net-ssh-gateway (>= 1.0.1)
    mail (2.4.4)
      i18n (>= 0.4.0)
      mime-types (~> 1.16)
      treetop (~> 1.4.8)
    meta_search (1.1.3)
      actionpack (~> 3.1)
      activerecord (~> 3.1)
      activesupport (~> 3.1)
      polyamorous (~> 0.5.0)
    method_source (0.8.1)
    mime-types (1.19)
    modular-scale (1.0.2)
      compass (>= 0.11.5)
      sassy-math (>= 1.2)
    multi_json (1.5.0)
    net-scp (1.0.4)
      net-ssh (>= 1.99.1)
    net-ssh (2.6.2)
    net-ssh-gateway (1.1.0)
      net-ssh (>= 1.99.1)
    nokogiri (1.5.5)
    oj (2.0.12)
    orm_adapter (0.4.0)
    pg (0.14.1)
    polyamorous (0.5.0)
      activerecord (~> 3.0)
    polyglot (0.3.3)
    pry (0.9.10)
      coderay (~> 1.0.5)
      method_source (~> 0.8)
      slop (~> 3.3.1)
    pry-rails (0.2.2)
      pry (>= 0.9.10)
    quiet_assets (1.0.1)
      railties (~> 3.1)
    rabl (0.8.4)
      activesupport (>= 2.3.14)
    rack (1.4.1)
    rack-cache (1.2)
      rack (>= 0.4)
    rack-ssl (1.3.2)
      rack
    rack-test (0.6.2)
      rack (>= 1.0)
    rails (3.2.9)
      actionmailer (= 3.2.9)
      actionpack (= 3.2.9)
      activerecord (= 3.2.9)
      activeresource (= 3.2.9)
      activesupport (= 3.2.9)
      bundler (~> 1.0)
      railties (= 3.2.9)
    railties (3.2.9)
      actionpack (= 3.2.9)
      activesupport (= 3.2.9)
      rack-ssl (~> 1.3.2)
      rake (>= 0.8.7)
      rdoc (~> 3.4)
      thor (>= 0.14.6, < 2.0)
    rake (10.0.3)
    rdoc (3.12)
      json (~> 1.4)
    responders (0.9.3)
      railties (~> 3.1)
    rmagick (2.13.1)
    rspec-core (2.13.1)
    rspec-expectations (2.13.0)
      diff-lcs (>= 1.1.3, < 2.0)
    rspec-mocks (2.13.1)
    rspec-rails (2.13.1)
      actionpack (>= 3.0)
      activesupport (>= 3.0)
      railties (>= 3.0)
      rspec-core (~> 2.13.0)
      rspec-expectations (~> 2.13.0)
      rspec-mocks (~> 2.13.0)
    ruby-hmac (0.4.0)
    sass (3.2.3)
    sass-rails (3.2.5)
      railties (~> 3.2.0)
      sass (>= 3.1.10)
      tilt (~> 1.3)
    sassy-math (1.2)
      compass (~> 0.11)
    slop (3.3.3)
    sprockets (2.2.2)
      hike (~> 1.2)
      multi_json (~> 1.0)
      rack (~> 1.0)
      tilt (~> 1.1, != 1.3.0)
    thor (0.16.0)
    tilt (1.3.3)
    timecop (0.6.1)
    treetop (1.4.12)
      polyglot
      polyglot (>= 0.3.1)
    twilio-ruby (3.9.0)
      builder (>= 2.1.2)
      jwt (>= 0.1.2)
      multi_json (>= 1.3.0)
    tzinfo (0.3.35)
    uglifier (1.3.0)
      execjs (>= 0.3.0)
      multi_json (~> 1.0, >= 1.0.2)
    warden (1.2.1)
      rack (>= 1.0)
    whenever (0.8.2)
      activesupport (>= 2.3.4)
      chronic (>= 0.6.3)
    workflow (1.0.0)
    xml-simple (1.1.2)
    zurb-foundation (3.2.3)
      compass (>= 0.12.2)
      modular-scale (>= 1.0.2)
      rake
      sass (>= 3.2.0)

PLATFORMS
  ruby

DEPENDENCIES
  activeadmin
  annotate
  aws-ses
  bcrypt-ruby
  better_errors
  binding_of_caller
  carrierwave
  coffee-rails (~> 3.2.1)
  compass-rails
  database_cleaner (>= 0.9.1)
  factory_girl
  factory_girl_rails (>= 1.1.beta1)
  faker
  fog
  foundation-icons-rails
  google-analytics-rails
  jquery-rails
  jquery-ui-rails
  kaminari
  localtunnel
  meta_search
  oj
  pg
  pry-rails
  quiet_assets
  rabl
  rails (= 3.2.9)
  rmagick
  rspec-rails
  sass-rails (~> 3.2.3)
  timecop
  twilio-ruby
  uglifier (>= 1.0.3)
  whenever
  workflow
  zurb-foundation
